PATH
  remote: .
  specs:
    coverband-service-client (0.0.5)
      coverband (~> 4.2.4)

GEM
  remote: https://rubygems.org/
  specs:
    coverband (4.2.4)
      redis
    minitest (5.14.0)
    rake (13.0.1)
    redis (4.1.3)

PLATFORMS
  ruby

DEPENDENCIES
  bundler (~> 2.0)
  coverband-service-client!
  minitest (~> 5.0)
  rake (~> 13.0)

BUNDLED WITH
   2.0.2
