PATH
  remote: .
  specs:
    coverband-service-client (0.0.14)
      coverband (~> 5.0.0.rc.3)

GEM
  remote: https://rubygems.org/
  specs:
    coverband (5.0.0.rc.3)
      redis
    minitest (5.14.0)
    rake (13.0.1)
    redis (4.2.1)

PLATFORMS
  ruby

DEPENDENCIES
  bundler (~> 2.0)
  coverband-service-client!
  minitest (~> 5.0)
  rake (~> 13.0)

BUNDLED WITH
   2.0.2
